GIT
  remote: https://github.com/joshbuddy/http_router.git
  revision: daca0cce64dfe6082e229ffa37562844aff539a5
  specs:
    http_router (0.11.0)
      rack (>= 1.0.0)
      url_mount (~> 0.2.1)

PATH
  remote: .
  specs:
    primate (0.0.1)
      http_router
      rack

GEM
  remote: http://rubygems.org/
  specs:
    diff-lcs (1.1.3)
    rack (1.4.1)
    rake (0.9.2.2)
    rspec (2.9.0)
      rspec-core (~> 2.9.0)
      rspec-expectations (~> 2.9.0)
      rspec-mocks (~> 2.9.0)
    rspec-core (2.9.0)
    rspec-expectations (2.9.1)
      diff-lcs (~> 1.1.3)
    rspec-mocks (2.9.0)
    url_mount (0.2.1)
      rack

PLATFORMS
  ruby

DEPENDENCIES
  http_router!
  primate!
  rake
  rspec
  rspec-mocks
